GEM
  remote: http://rubygems.org/
  specs:
    diff-lcs (1.1.3)
    emoji-rspec (0.0.1)
      rspec (~> 2.10)
    fakefs (0.4.2)
    rake (10.0.2)
    rspec (2.12.0)
      rspec-core (~> 2.12.0)
      rspec-expectations (~> 2.12.0)
      rspec-mocks (~> 2.12.0)
    rspec-core (2.12.0)
    rspec-expectations (2.12.0)
      diff-lcs (~> 1.1.3)
    rspec-mocks (2.12.0)

PLATFORMS
  ruby

DEPENDENCIES
  emoji-rspec
  fakefs
  rake
  rspec
